GEM
  remote: https://rubygems.org/
  specs:
    addressable (2.7.0)
      public_suffix (>= 2.0.2, < 5.0)
    bourbon (3.1.8)
      sass (>= 3.2.0)
      thor
    coffee-script (2.2.0)
      coffee-script-source
      execjs
    coffee-script-source (1.6.3)
    colorator (1.1.0)
    execjs (2.0.1)
    ffi (1.11.1)
    forwardable-extended (2.6.0)
    jekyll (3.6.3)
      addressable (~> 2.4)
      colorator (~> 1.0)
      jekyll-sass-converter (~> 1.0)
      jekyll-watch (~> 1.1)
      kramdown (~> 1.14)
      liquid (~> 4.0)
      mercenary (~> 0.3.3)
      pathutil (~> 0.9)
      rouge (>= 1.7, < 3)
      safe_yaml (~> 1.0)
    jekyll-sass-converter (1.3.0)
      sass (~> 3.2)
    jekyll-watch (1.5.1)
      listen (~> 3.0)
    kramdown (1.17.0)
    liquid (4.0.3)
    listen (3.1.2)
      rb-fsevent (>= 0.9.3)
      rb-inotify (>= 0.9.7)
      ruby_dep (~> 1.1)
    maruku (0.6.1)
      syntax (>= 1.0.0)
    mercenary (0.3.6)
    pathutil (0.16.2)
      forwardable-extended (~> 2.6)
    public_suffix (4.0.1)
    rake (10.1.0)
    rb-fsevent (0.9.3)
    rb-inotify (0.10.0)
      ffi (~> 1.0)
    rouge (2.2.1)
    ruby_dep (1.5.0)
    safe_yaml (1.0.5)
    sass (3.2.10)
    syntax (1.2.2)
    thor (0.18.1)

PLATFORMS
  ruby

DEPENDENCIES
  bourbon
  coffee-script
  jekyll
  maruku
  rake
  rb-fsevent
  sass
